GEM
  remote: https://rubygems.org/
  specs:
    bcrypt_pbkdf (1.1.0)
    ed25519 (1.3.0)
    net-ssh (7.2.0)
    parslet (2.0.0)
    rb_json5 (0.3.0)
      parslet (~> 2.0)
    thor (1.3.0)

PLATFORMS
  x86_64-darwin-20

DEPENDENCIES
  bcrypt_pbkdf (>= 1.0, < 2.0)
  ed25519 (>= 1.2, < 2.0)
  net-ssh (>= 7.2)
  rb_json5
  thor

BUNDLED WITH
   2.4.17
