GEM
  remote: https://rubygems.org/
  specs:
    bcrypt_pbkdf (1.1.0)
    ed25519 (1.3.0)

PLATFORMS
  ruby

DEPENDENCIES
  bcrypt_pbkdf (>= 1.0, < 2.0)
  ed25519 (>= 1.2, < 2.0)

BUNDLED WITH
   1.17.3
