GEM
  remote: https://rubygems.org/
  specs:
    bcrypt_pbkdf (1.1.0)
    bcrypt_pbkdf (1.1.0-x86-mingw32)
    ed25519 (1.3.0)

PLATFORMS
  aarch64-linux
  arm64-darwin
  universal-darwin
  x64-mingw-ucrt
  x86-mingw32
  x86_64-darwin
  x86_64-linux

DEPENDENCIES
  bcrypt_pbkdf (>= 1.0, < 2.0)
  ed25519 (>= 1.2, < 2.0)

BUNDLED WITH
   2.4.18
